GEM
  remote: https://rubygems.org/
  specs:
    addressable (2.8.7)
      public_suffix (>= 2.0.2, < 7.0)
    base64 (0.3.0)
    bibtex-ruby (6.2.0)
      latex-decode (~> 0.0)
      logger (~> 1.7)
      racc (~> 1.7)
    bigdecimal (3.3.1)
    citeproc (1.1.0)
      date
      forwardable
      json
      namae (~> 1.0)
      observer (< 1.0)
      open-uri (< 1.0)
    citeproc-ruby (2.1.3)
      citeproc (~> 1.0, >= 1.0.9)
      csl (~> 2.0)
      observer (< 1.0)
    colorator (1.1.0)
    concurrent-ruby (1.3.5)
    csl (2.1.0)
      forwardable (~> 1.3)
      namae (~> 1.2)
      open-uri (< 1.0)
      rexml (~> 3.0)
      set (~> 1.1)
      singleton (< 1.0)
      time (< 1.0)
    csl-styles (2.0.1)
      csl (~> 2.0)
    csv (3.3.5)
    date (3.4.1)
    em-websocket (0.5.3)
      eventmachine (>= 0.12.9)
      http_parser.rb (~> 0)
    eventmachine (1.2.7)
    faraday (2.14.0)
      faraday-net_http (>= 2.0, < 3.5)
      json
      logger
    faraday-net_http (3.4.1)
      net-http (>= 0.5.0)
    faraday-retry (2.3.2)
      faraday (~> 2.0)
    ffi (1.17.2-x64-mingw-ucrt)
    ffi (1.17.2-x86_64-linux-gnu)
    fiddle (1.1.8)
    forwardable (1.3.3)
    forwardable-extended (2.6.0)
    google-protobuf (4.32.1-x64-mingw-ucrt)
      bigdecimal
      rake (>= 13)
    google-protobuf (4.32.1-x86_64-linux-gnu)
      bigdecimal
      rake (>= 13)
    http_parser.rb (0.8.0)
    i18n (1.14.7)
      concurrent-ruby (~> 1.0)
    jekyll (4.4.1)
      addressable (~> 2.4)
      base64 (~> 0.2)
      colorator (~> 1.0)
      csv (~> 3.0)
      em-websocket (~> 0.5)
      i18n (~> 1.0)
      jekyll-sass-converter (>= 2.0, < 4.0)
      jekyll-watch (~> 2.0)
      json (~> 2.6)
      kramdown (~> 2.3, >= 2.3.1)
      kramdown-parser-gfm (~> 1.0)
      liquid (~> 4.0)
      mercenary (~> 0.3, >= 0.3.6)
      pathutil (~> 0.9)
      rouge (>= 3.0, < 5.0)
      safe_yaml (~> 1.0)
      terminal-table (>= 1.8, < 4.0)
      webrick (~> 1.7)
    jekyll-feed (0.17.0)
      jekyll (>= 3.7, < 5.0)
    jekyll-gist (1.5.0)
      octokit (~> 4.2)
    jekyll-include-cache (0.2.1)
      jekyll (>= 3.7, < 5.0)
    jekyll-paginate (1.1.0)
    jekyll-regex-replace (1.1.0)
    jekyll-sass-converter (3.1.0)
      sass-embedded (~> 1.75)
    jekyll-scholar (7.2.1)
      bibtex-ruby (~> 6.0)
      citeproc-ruby (~> 2.0)
      csl-styles (~> 2.0)
      jekyll (~> 4.0)
    jekyll-sitemap (1.4.0)
      jekyll (>= 3.7, < 5.0)
    jekyll-watch (2.2.1)
      listen (~> 3.0)
    json (2.15.1)
    kramdown (2.5.1)
      rexml (>= 3.3.9)
    kramdown-parser-gfm (1.1.0)
      kramdown (~> 2.0)
    latex-decode (0.4.0)
    liquid (4.0.4)
    listen (3.9.0)
      rb-fsevent (~> 0.10, >= 0.10.3)
      rb-inotify (~> 0.9, >= 0.9.10)
    logger (1.7.0)
    mercenary (0.4.0)
    minimal-mistakes-jekyll (4.27.3)
      jekyll (>= 3.7, < 5.0)
      jekyll-feed (~> 0.1)
      jekyll-gist (~> 1.5)
      jekyll-include-cache (~> 0.1)
      jekyll-paginate (~> 1.1)
      jekyll-sitemap (~> 1.3)
    namae (1.2.0)
      racc (~> 1.7)
    net-http (0.6.0)
      uri
    observer (0.1.2)
    octokit (4.25.1)
      faraday (>= 1, < 3)
      sawyer (~> 0.9)
    open-uri (0.5.0)
      stringio
      time
      uri
    pathutil (0.16.2)
      forwardable-extended (~> 2.6)
    public_suffix (6.0.2)
    racc (1.8.1)
    rake (13.3.0)
    rb-fsevent (0.11.2)
    rb-inotify (0.11.1)
      ffi (~> 1.0)
    rexml (3.4.4)
    rouge (4.6.1)
    safe_yaml (1.0.5)
    sass-embedded (1.93.2-x64-mingw-ucrt)
      google-protobuf (~> 4.31)
    sass-embedded (1.93.2-x86_64-linux-gnu)
      google-protobuf (~> 4.31)
    sawyer (0.9.2)
      addressable (>= 2.3.5)
      faraday (>= 0.17.3, < 3)
    set (1.1.2)
    singleton (0.3.0)
    stringio (3.1.7)
    terminal-table (3.0.2)
      unicode-display_width (>= 1.1.1, < 3)
    time (0.4.1)
      date
    tzinfo (2.0.6)
      concurrent-ruby (~> 1.0)
    tzinfo-data (1.2025.2)
      tzinfo (>= 1.0.0)
    unicode-display_width (2.6.0)
    uri (1.0.4)
    wdm (0.2.0)
    webrick (1.9.1)

PLATFORMS
  x64-mingw-ucrt
  x86_64-linux

DEPENDENCIES
  faraday-retry
  fiddle
  http_parser.rb (~> 0.6.0)
  jekyll (~> 4.3)
  jekyll-feed
  jekyll-include-cache
  jekyll-regex-replace
  jekyll-scholar
  jekyll-sitemap
  minimal-mistakes-jekyll
  tzinfo (>= 1, < 3)
  tzinfo-data
  wdm (~> 0.1)

BUNDLED WITH
   2.7.2
